GIT
  remote: https://github.com/pikesley/gitpaint
  revision: 5c3a13e0c230613e709ff4bc1023eb6614f5f045
  specs:
    gitpaint (0.1.0)
      chunky_png (~> 1.3)
      git (~> 1.5)
      httparty (~> 0.16)
      nokogiri (~> 1.8)
      octokit (~> 4.12)

GIT
  remote: https://github.com/pikesley/hanoi-jane
  revision: 0543961f78f1fd225647e8237ff0cbd1a97cae6d
  specs:
    hanoi-jane (0.4.0)
      gitpaint
      httparty (~> 0.15)
      thor (~> 0.19)
      wiper

GIT
  remote: https://github.com/pikesley/wiper
  revision: 607afacf17a69ae0a44c8116322b970c48569766
  specs:
    wiper (0.0.1)

GIT
  remote: https://github.com/tootsuite/mastodon-api
  revision: 189deb8219ae1ce7c34386d9ad1ca7e4a5fec62c
  specs:
    mastodon-api (1.2.0)
      addressable (~> 2.5)
      buftok
      http (~> 3.0)
      oj (~> 3.3)

GEM
  remote: https://rubygems.org/
  specs:
    addressable (2.5.2)
      public_suffix (>= 2.0.2, < 4.0)
    buftok (0.2.0)
    chunky_png (1.3.10)
    coderay (1.1.2)
    domain_name (0.5.20180417)
      unf (>= 0.0.5, < 1.0.0)
    equalizer (0.0.11)
    faraday (0.15.3)
      multipart-post (>= 1.2, < 3)
    git (1.5.0)
    http (3.3.0)
      addressable (~> 2.3)
      http-cookie (~> 1.0)
      http-form_data (~> 2.0)
      http_parser.rb (~> 0.6.0)
    http-cookie (1.0.3)
      domain_name (~> 0.5)
    http-form_data (2.1.1)
    http_parser.rb (0.6.0)
    httparty (0.16.2)
      multi_xml (>= 0.5.2)
    memoizable (0.4.2)
      thread_safe (~> 0.3, >= 0.3.1)
    method_source (0.9.0)
    mini_portile2 (2.3.0)
    multi_xml (0.6.0)
    multipart-post (2.0.0)
    naught (1.1.0)
    nokogiri (1.8.5)
      mini_portile2 (~> 2.3.0)
    octokit (4.12.0)
      sawyer (~> 0.8.0, >= 0.5.3)
    oj (3.6.11)
    pry (0.11.3)
      coderay (~> 1.1.0)
      method_source (~> 0.9.0)
    public_suffix (3.0.3)
    rake (12.3.3)
    sawyer (0.8.1)
      addressable (>= 2.3.5, < 2.6)
      faraday (~> 0.8, < 1.0)
    simple_oauth (0.3.1)
    thor (0.20.0)
    thread_safe (0.3.6)
    twitter (6.2.0)
      addressable (~> 2.3)
      buftok (~> 0.2.0)
      equalizer (~> 0.0.11)
      http (~> 3.0)
      http-form_data (~> 2.0)
      http_parser.rb (~> 0.6.0)
      memoizable (~> 0.4.0)
      multipart-post (~> 2.0)
      naught (~> 1.0)
      simple_oauth (~> 0.3.0)
    unf (0.1.4)
      unf_ext
    unf_ext (0.0.7.5)

PLATFORMS
  ruby

DEPENDENCIES
  gitpaint!
  hanoi-jane!
  mastodon-api!
  pry
  rake
  twitter
  wiper!

BUNDLED WITH
   1.16.5
